GEM
  remote: https://rubygems.org/
  specs:
    addressable (2.8.0)
      public_suffix (>= 2.0.2, < 5.0)
    concurrent-ruby (1.1.9)
    contracts (0.16.0)
    debase (0.2.5.beta2)
      debase-ruby_core_source (>= 0.10.12)
    debase-ruby_core_source (3.2.1)
    entitlements (0.2.0)
      concurrent-ruby (= 1.1.9)
      faraday (~> 2.0)
      net-ldap (~> 0.17)
      octokit (~> 4.18)
      optimist (= 3.0.0)
    faraday (2.7.6)
      faraday-net_http (>= 2.0, < 3.1)
      ruby2_keywords (>= 0.0.4)
    faraday-net_http (3.0.2)
    net-ldap (0.17.0)
    octokit (4.25.1)
      faraday (>= 1, < 3)
      sawyer (~> 0.9)
    optimist (3.0.0)
    public_suffix (4.0.6)
    rake (13.0.6)
    ruby-debug-ide (0.7.3)
      rake (>= 0.8.1)
    ruby2_keywords (0.0.5)
    sawyer (0.9.2)
      addressable (>= 2.3.5)
      faraday (>= 0.17.3, < 3)

PLATFORMS
  ruby
  x86_64-darwin-19

DEPENDENCIES
  concurrent-ruby
  contracts
  debase (~> 0.2.5.beta2)
  entitlements (= 0.2.0)
  faraday
  net-ldap
  octokit
  ruby-debug-ide
  sawyer

BUNDLED WITH
   2.4.1
