GEM
  remote: https://rubygems.org/
  specs:
    addressable (2.8.0)
      public_suffix (>= 2.0.2, < 5.0)
    concurrent-ruby (1.1.9)
    contracts (0.16.0)
    debase (0.2.4.1)
      debase-ruby_core_source (>= 0.10.2)
    debase-ruby_core_source (0.10.15)
    entitlements (0.1.7)
      concurrent-ruby (= 1.1.9)
      contracts (= 0.16.0)
      faraday (>= 0.17.3, < 0.18)
      net-ldap (~> 0.17.0)
      octokit (~> 4.18)
      optimist (= 3.0.0)
    entitlements-github-plugin (0.0.1)
      concurrent-ruby (= 1.1.9)
      contracts (= 0.16.0)
      faraday (>= 0.17.3, < 0.18)
      net-ldap (~> 0.17.0)
      octokit (~> 4.18)
      optimist (= 3.0.0)
    faraday (0.17.4)
      multipart-post (>= 1.2, < 3)
    multipart-post (2.1.1)
    net-ldap (0.17.0)
    octokit (4.21.0)
      faraday (>= 0.9)
      sawyer (~> 0.8.0, >= 0.5.3)
    optimist (3.0.0)
    public_suffix (4.0.6)
    rake (13.0.6)
    ruby-debug-ide (0.7.3)
      rake (>= 0.8.1)
    sawyer (0.8.2)
      addressable (>= 2.3.5)
      faraday (> 0.8, < 2.0)

PLATFORMS
  ruby
  x86_64-darwin-19

DEPENDENCIES
  concurrent-ruby
  contracts
  debase
  entitlements (= 0.1.7)
  entitlements-github-plugin (= 0.0.1)
  faraday
  net-ldap
  octokit
  ruby-debug-ide
  sawyer

BUNDLED WITH
   2.3.9
