GEM
  remote: https://rubygems.org/
  specs:
    addressable (2.8.1)
      public_suffix (>= 2.0.2, < 6.0)
    concurrent-ruby (1.1.9)
    contracts (0.16.0)
    debase (0.2.4.1)
      debase-ruby_core_source (>= 0.10.2)
    debase-ruby_core_source (0.10.16)
    entitlements (0.1.8)
      concurrent-ruby (= 1.1.9)
      contracts (= 0.16.0)
      net-ldap (~> 0.17.0)
      optimist (= 3.0.0)
    entitlements-github-plugin (0.0.2)
      concurrent-ruby (= 1.1.9)
      contracts (= 0.16.0)
      faraday (>= 1, < 3)
      net-ldap (~> 0.17.0)
      octokit (~> 4.25)
      optimist (= 3.0.0)
    faraday (2.5.2)
      faraday-net_http (>= 2.0, < 3.1)
      ruby2_keywords (>= 0.0.4)
    faraday-net_http (3.0.0)
    net-ldap (0.17.1)
    octokit (4.25.1)
      faraday (>= 1, < 3)
      sawyer (~> 0.9)
    optimist (3.0.0)
    public_suffix (5.0.0)
    rake (13.0.6)
    ruby-debug-ide (0.7.3)
      rake (>= 0.8.1)
    ruby2_keywords (0.0.5)
    sawyer (0.9.2)
      addressable (>= 2.3.5)
      faraday (>= 0.17.3, < 3)

PLATFORMS
  x86_64-darwin-20

DEPENDENCIES
  concurrent-ruby
  contracts
  debase
  entitlements (= 0.1.8)
  entitlements-github-plugin (= 0.0.2)
  faraday
  net-ldap
  ruby-debug-ide
  sawyer

BUNDLED WITH
   2.3.9
